{
  "AcquisitionMatrixPE": 120,
  "AcquisitionNumber": 1,
  "AcquisitionTime": "19:10:9.215000",
  "BaseResolution": 120,
  "BodyPartExamined": "BRAIN",
  "CoilCombinationMethod": "Adaptive Combine",
  "CoilString": "HeadNeck_64",
  "ConversionSoftware": "dcm2niix",
  "ConversionSoftwareVersion": "v1.0.20220720",
  "DeviceSerialNumber": "67014",
  "DwellTime": 3.4e-06,
  "EchoNumber": 2,
  "EchoTime": 0.00691,
  "EchoTime1": 0.00445,
  "EchoTime2": 0.00691,
  "FlipAngle": 55,
  "HeudiconvVersion": "0.12.2",
  "ImageOrientationPatientDICOM": [0.998727, 0.0493281, 0.0105807, -0.0451772, 0.967801, -0.247628],
  "ImageType": [
    "ORIGINAL",
    "PRIMARY",
    "P",
    "DIS2D",
    "MFSPLIT",
    "PHASE"
],
  "ImageTypeText": [
    "ORIGINAL",
    "PRIMARY",
    "P",
    "NONE"
],
  "ImagingFrequency": 123.248,
  "InPlanePhaseEncodingDirectionDICOM": "COL",
  "InstitutionAddress": "Rue du Bugnon 21,Lausanne,District,CH,1011",
  "InstitutionName": "CHUV",
  "MRAcquisitionType": "2D",
  "MagneticFieldStrength": 3,
  "Manufacturer": "Siemens",
  "ManufacturersModelName": "MAGNETOM Prisma Fit",
  "MatrixCoilMode": "SENSE",
  "Modality": "MR",
  "NonlinearGradientCorrection": true,
  "PartialFourier": 1,
  "PatientPosition": "HFS",
  "PercentPhaseFOV": 100,
  "PercentSampling": 100,
  "PhaseEncodingDirection": "j",
  "PhaseEncodingSteps": 120,
  "PhaseResolution": 1,
  "PixelBandwidth": 1225,
  "ProcedureStepDescription": "RESEARCH Oscar",
  "ProtocolName": "fmap-phasediff__gre",
  "PulseSequenceDetails": "%SiemensSeq%\\gre_field_mapping",
  "ReceiveCoilActiveElements": "HC1-7",
  "ReceiveCoilName": "HeadNeck_64",
  "ReconMatrixPE": 120,
  "RepetitionTime": 0.324,
  "SAR": 0.116939,
  "ScanOptions": "PER",
  "ScanningSequence": "GR",
  "SequenceName": "*fm2d2r",
  "SequenceVariant": "SK",
  "SeriesDescription": "fmap-phasediff__gre",
  "SeriesNumber": 10,
  "ShimSetting": [8245, -5633, -6033, 663, -21, -270, 39, 2],
  "SliceThickness": 2,
  "SliceTiming": [78.736, 0, 0, 0, 0, 0, 0, 0, 0, 0, 0, 0, 0, 0, 0, 0, 0, 0, 0, 0, 0, 0, 0, 0, 0, 0, 0, 0, 0, 0, 0, 0, 0, 0, 0, 0, 0, 0, 0, 0, 0, 0, 0, 0, 0, 0, 0, 0, 0, 0, 0, 0, 0, 0, 0, 0, 0, 0, 0, 0, 0, 0, 0, 0, 0, 0, 0, 0, 0, 0, 0, 0],
  "SoftwareVersions": "syngo MR XA30",
  "SpacingBetweenSlices": 2,
  "StationName": "LRG10884",
  "TxRefAmp": 246.09,
  "dcmmeta_affine": [
    [-1.9891345500946045, -0.08997807651758194, 0.04500000178813934, 125.90939331054688],
    [-0.0982453003525734, 1.9275401830673218, -0.49300000071525574, -62.4572868347168],
    [0.02107326313853264, 0.49319326877593994, 1.937000036239624, -87.80199432373047],
    [0.0, 0.0, 0.0, 1.0]
],
  "dcmmeta_reorient_transform": [
    [0.0, -1.0, 0.0, 119.0],
    [1.0, 0.0, 0.0, 0.0],
    [0.0, 0.0, -1.0, 71.0],
    [0.0, 0.0, 0.0, 1.0]
],
  "dcmmeta_shape": [120, 120, 72],
  "dcmmeta_slice_dim": 2,
  "dcmmeta_version": 0.6,
  "global": {
    "const": {
      "AcquisitionMatrix": [120, 0, 0, 120],
      "AcquisitionNumber": 1,
      "AngioFlag": "N",
      "BeatRejectionFlag": "N",
      "BitsAllocated": 16,
      "BitsStored": 12,
      "BodyPartExamined": "BRAIN",
      "BurnedInAnnotation": "NO",
      "CardiacNumberOfImages": 1,
      "Columns": 120,
      "ConfidentialityCode": "N",
      "ContentQualification": "PRODUCT",
      "ContentTime": "191131",
      "EchoTime": 6.91,
      "EchoTrainLength": 0,
      "FlipAngle": 55.0,
      "HighBit": 11,
      "ImageOrientationPatient": [0.998727, 0.0493281, 0.0105807, -0.0451772, 0.967801, -0.247628],
      "ImageType": [
        "ORIGINAL",
        "PRIMARY",
        "P",
        "DIS2D",
        "MFSPLIT"
],
      "ImagedNucleus": "1H",
      "ImagingFrequency": 123.248145,
      "InPlanePhaseEncodingDirection": "COL",
      "InstanceCreationTime": "191009.215000",
      "LargestImagePixelValue": 4095,
      "LossyImageCompression": "00",
      "MRAcquisitionType": "2D",
      "MagneticFieldStrength": 3.0,
      "Manufacturer": "Siemens Healthineers",
      "ManufacturerModelName": "MAGNETOM Prisma Fit",
      "ModalitiesInStudy": [
        "MR",
        "SR"
],
      "Modality": "MR",
      "NumberOfAverages": 1.0,
      "NumberOfPhaseEncodingSteps": 120,
      "NumberOfStudyRelatedInstances": 19585,
      "NumberOfTemporalPositions": 1,
      "PercentPhaseFieldOfView": 100.0,
      "PercentSampling": 100.0,
      "PerformedProcedureStepStartTime": "181936.000000",
      "PhotometricInterpretation": "MONOCHROME2",
      "PixelBandwidth": 1225.0,
      "PixelRepresentation": 0,
      "PixelSpacing": [1.99167, 1.99167],
      "PresentationLUTShape": "IDENTITY",
      "ProtocolName": "fmap-phasediff__gre",
      "ReceiveCoilName": "HeadNeck_64",
      "RepetitionTime": 324.0,
      "RescaleIntercept": -4096.0,
      "RescaleSlope": 2.0,
      "Rows": 120,
      "SAR": 0.11693866543315,
      "SamplesPerPixel": 1,
      "ScanOptions": "PER",
      "ScanningSequence": "GR",
      "SequenceName": "*fm2d2r",
      "SequenceVariant": "SK",
      "SeriesDescription": "fmap-phasediff__gre",
      "SeriesNumber": 10,
      "SeriesTime": "191011",
      "SliceThickness": 2.0,
      "SmallestImagePixelValue": 0,
      "SoftwareVersions": "syngo MR XA30",
      "SpacingBetweenSlices": 2.0,
      "SpecificCharacterSet": "ISO_IR 100",
      "StudyID": "a6ce008e-261f-45",
      "StudyTime": "181936",
      "TransmitCoilName": "Body"
    },
