{
  "AcquisitionDuration": 30.725,
  "AcquisitionMatrixPE": 96,
  "AcquisitionNumber": 1,
  "AcquisitionTime": "18:37:2.977500",
  "BandwidthPerPixelPhaseEncode": 39.308,
  "BaseResolution": 96,
  "BodyPartExamined": "BRAIN",
  "CoilCombinationMethod": "Sum of Squares",
  "CoilString": "HeadNeck_64",
  "ConversionSoftware": "dcm2niix",
  "ConversionSoftwareVersion": "v1.0.20220720",
  "DerivedVendorReportedEchoSpacing": 0.000530002,
  "DeviceSerialNumber": "67014",
  "DwellTime": 2.3e-06,
  "EchoTime": 0.035,
  "EchoTime1": 0.035,
  "EchoTime2": 0.001,
  "EchoTrainLength": 35,
  "EffectiveEchoSpacing": 0.000265001,
  "FlipAngle": 64,
  "HeudiconvVersion": "0.12.2",
  "ImageOrientationPatientDICOM": [0.994786, 0.0100614, 0.101482, 0.0194482, 0.95814, -0.285638],
  "ImageType": [
    "ORIGINAL",
    "PRIMARY",
    "FMRI",
    "NONE",
    "PHASE"
],
  "ImageTypeText": [
    "ORIGINAL",
    "PRIMARY",
    "P",
    "DIS2D"
],
  "ImagingFrequency": 123.248,
  "InPlanePhaseEncodingDirectionDICOM": "COL",
  "InstitutionAddress": "Rue du Bugnon 21,Lausanne,District,CH,1011",
  "InstitutionName": "CHUV",
  "MRAcquisitionType": "2D",
  "MTState": false,
  "MagneticFieldStrength": 3,
  "Manufacturer": "Siemens",
  "ManufacturersModelName": "MAGNETOM Prisma Fit",
  "MatrixCoilMode": "GRAPPA",
  "Modality": "MR",
  "NonlinearGradientCorrection": true,
  "ParallelAcquisitionTechnique": "GRAPPA",
  "ParallelReductionFactorInPlane": 2,
  "PartialFourier": 0.75,
  "PartialFourierDirection": "PHASE",
  "PatientPosition": "HFS",
  "PercentPhaseFOV": 100,
  "PercentSampling": 100,
  "PhaseEncodingDirection": "j-",
  "PhaseResolution": 1,
  "PixelBandwidth": 2264,
  "ProcedureStepDescription": "RESEARCH Oscar",
  "ProtocolName": "fmap-epi_acq-bold_dir-AP__cmrr_me4_sms1",
  "PulseSequenceDetails": "%CustomerSeq%\\cmrr_mbep2d_bold",
  "PulseSequenceName": "epfid2d1_96",
  "ReceiveCoilActiveElements": "HC1-7",
  "ReceiveCoilName": "HeadNeck_64",
  "ReconMatrixPE": 96,
  "RefLinesPE": 22,
  "RepetitionTime": 3.808,
  "ScanOptions": "PFP\\FS",
  "ScanningSequence": "EP",
  "SequenceVariant": "SK\\SS",
  "SeriesDescription": "fmap-epi_acq-bold_dir-AP__cmrr_me4_sms1",
  "SeriesNumber": 25,
  "ShimSetting": [8249, -5626, -6025, 665, -10, -206, 37, 26],
  "SliceThickness": 2.2,
  "SliceTiming": [1.8925, 0, 1.955, 0.0625, 2.02, 0.125, 2.0825, 0.1875, 2.145, 0.2525, 2.2075, 0.315, 2.2725, 0.3775, 2.335, 0.44, 2.3975, 0.505, 2.46, 0.5675, 2.525, 0.63, 2.5875, 0.6925, 2.65, 0.7575, 2.7125, 0.82, 2.7775, 0.8825, 2.84, 0.945, 2.9025, 1.01, 2.965, 1.0725, 3.03, 1.135, 3.0925, 1.1975, 3.155, 1.2625, 3.2175, 1.325, 3.2825, 1.3875, 3.345, 1.45, 3.4075, 1.515, 3.47, 1.5775, 3.535, 1.64, 3.5975, 1.7025, 3.66, 1.7675, 3.7225, 1.83],
  "SoftwareVersions": "syngo MR XA30",
  "SpacingBetweenSlices": 2.2,
  "StationName": "LRG10884",
  "TotalReadoutTime": 0.0251751,
  "TxRefAmp": 248.2,
  "WipMemBlock": "923b4cd5-3c15-4e0c-8d3e-27813bd0e6a9||Sequence: R017 nxva30a/master r/d34922cc2+; Jun 27 2022 13:20:16 by eja"
}