{
  "AcquisitionMatrixPE": 114,
  "AcquisitionNumber": 1,
  "AcquisitionTime": "18:18:15.177500",
  "BaseResolution": 114,
  "BodyPartExamined": "BRAIN",
  "CoilCombinationMethod": "Adaptive Combine",
  "CoilString": "HeadNeck_64",
  "ConversionSoftware": "dcm2niix",
  "ConversionSoftwareVersion": "v1.0.20220720",
  "DeviceSerialNumber": "67014",
  "DwellTime": 3.6e-06,
  "EchoNumber": 2,
  "EchoTime": 0.00691,
  "EchoTime1": 0.00445,
  "EchoTime2": 0.00691,
  "FlipAngle": 55,
  "HeudiconvVersion": "0.12.2",
  "ImageOrientationPatientDICOM": [0.997862, 0.00429019, 0.0652123, 0.0121917, 0.968106, -0.250245],
  "ImageType": [
    "ORIGINAL",
    "PRIMARY",
    "P",
    "DIS2D",
    "MFSPLIT",
    "PHASE"
],
  "ImageTypeText": [
    "ORIGINAL",
    "PRIMARY",
    "P",
    "NONE"
],
  "ImagingFrequency": 123.248,
  "InPlanePhaseEncodingDirectionDICOM": "COL",
  "InstitutionAddress": "Rue du Bugnon 21,Lausanne,District,CH,1011",
  "InstitutionName": "CHUV",
  "MRAcquisitionType": "2D",
  "MagneticFieldStrength": 3,
  "Manufacturer": "Siemens",
  "ManufacturersModelName": "MAGNETOM Prisma Fit",
  "MatrixCoilMode": "SENSE",
  "Modality": "MR",
  "NonlinearGradientCorrection": true,
  "PartialFourier": 1,
  "PatientPosition": "HFS",
  "PercentPhaseFOV": 100,
  "PercentSampling": 100,
  "PhaseEncodingDirection": "j",
  "PhaseEncodingSteps": 114,
  "PhaseResolution": 1,
  "PixelBandwidth": 1218,
  "ProcedureStepDescription": "RESEARCH Oscar",
  "ProtocolName": "fmap-phasediff__gre",
  "PulseSequenceDetails": "%SiemensSeq%\\gre_field_mapping",
  "ReceiveCoilActiveElements": "HC1-7",
  "ReceiveCoilName": "HeadNeck_64",
  "ReconMatrixPE": 114,
  "RepetitionTime": 0.324,
  "SAR": 0.118541,
  "ScanOptions": "PER",
  "ScanningSequence": "GR",
  "SequenceName": "*fm2d2r",
  "SequenceVariant": "SK",
  "SeriesDescription": "fmap-phasediff__gre",
  "SeriesNumber": 9,
  "ShimSetting": [8247, -5627, -6028, 671, -24, -213, 23, 16],
  "SliceThickness": 2,
  "SliceTiming": [74.8485, 0, 0, 0, 0, 0, 0, 0, 0, 0, 0, 0, 0, 0, 0, 0, 0, 0, 0, 0, 0, 0, 0, 0, 0, 0, 0, 0, 0, 0, 0, 0, 0, 0, 0, 0, 0, 0, 0, 0, 0, 0, 0, 0, 0, 0, 0, 0, 0, 0, 0, 0, 0, 0, 0, 0, 0, 0, 0, 0, 0, 0, 0, 0, 0, 0, 0, 0, 0, 0, 0, 0],
  "SoftwareVersions": "syngo MR XA30",
  "SpacingBetweenSlices": 2,
  "StationName": "LRG10884",
  "TxRefAmp": 248.2,
  "dcmmeta_affine": [
    [-1.9957239627838135, 0.02438339963555336, 0.12800000607967377, 113.07567596435547],
    [-0.008580380119383335, 1.9362119436264038, -0.5019999742507935, -65.89095306396484],
    [0.1304246038198471, 0.5004900097846985, 1.9320000410079956, -91.39936828613281],
    [0.0, 0.0, 0.0, 1.0]
],
  "dcmmeta_reorient_transform": [
    [0.0, -1.0, 0.0, 113.0],
    [1.0, 0.0, 0.0, 0.0],
    [0.0, 0.0, -1.0, 71.0],
    [0.0, 0.0, 0.0, 1.0]
],
  "dcmmeta_shape": [114, 114, 72],
  "dcmmeta_slice_dim": 2,
  "dcmmeta_version": 0.6,
  "global": {
    "const": {
      "AcquisitionMatrix": [114, 0, 0, 114],
      "AcquisitionNumber": 1,
      "AngioFlag": "N",
      "BeatRejectionFlag": "N",
      "BitsAllocated": 16,
      "BitsStored": 12,
      "BodyPartExamined": "BRAIN",
      "BurnedInAnnotation": "NO",
      "CardiacNumberOfImages": 1,
      "Columns": 114,
      "ConfidentialityCode": "N",
      "ContentQualification": "PRODUCT",
      "ContentTime": "181922",
      "EchoTime": 6.91,
      "EchoTrainLength": 0,
      "FlipAngle": 55.0,
      "HighBit": 11,
      "ImageOrientationPatient": [0.997862, 0.00429019, 0.0652123, 0.0121917, 0.968106, -0.250245],
      "ImageType": [
        "ORIGINAL",
        "PRIMARY",
        "P",
        "DIS2D",
        "MFSPLIT"
],
      "ImagedNucleus": "1H",
      "ImagingFrequency": 123.248139,
      "InPlanePhaseEncodingDirection": "COL",
      "InstanceCreationTime": "181815.177500",
      "LargestImagePixelValue": 4095,
      "LossyImageCompression": "00",
      "MRAcquisitionType": "2D",
      "MagneticFieldStrength": 3.0,
      "Manufacturer": "Siemens Healthineers",
      "ManufacturerModelName": "MAGNETOM Prisma Fit",
      "ModalitiesInStudy": [
        "MR",
        "SR"
],
      "Modality": "MR",
      "NumberOfAverages": 1.0,
      "NumberOfPhaseEncodingSteps": 114,
      "NumberOfStudyRelatedInstances": 19630,
      "NumberOfTemporalPositions": 1,
      "PercentPhaseFieldOfView": 100.0,
      "PercentSampling": 100.0,
      "PerformedProcedureStepStartTime": "173557.800000",
      "PhotometricInterpretation": "MONOCHROME2",
      "PixelBandwidth": 1218.0,
      "PixelRepresentation": 0,
      "PixelSpacing": [2.0, 2.0],
      "PresentationLUTShape": "IDENTITY",
      "ProtocolName": "fmap-phasediff__gre",
      "ReceiveCoilName": "HeadNeck_64",
      "RepetitionTime": 324.0,
      "RescaleIntercept": -4096.0,
      "RescaleSlope": 2.0,
      "Rows": 114,
      "SAR": 0.11854077904242,
      "SamplesPerPixel": 1,
      "ScanOptions": "PER",
      "ScanningSequence": "GR",
      "SequenceName": "*fm2d2r",
      "SequenceVariant": "SK",
      "SeriesDescription": "fmap-phasediff__gre",
      "SeriesNumber": 9,
      "SeriesTime": "181806",
      "SliceThickness": 2.0,
      "SmallestImagePixelValue": 0,
      "SoftwareVersions": "syngo MR XA30",
      "SpacingBetweenSlices": 2.0,
      "SpecificCharacterSet": "ISO_IR 100",
      "StudyID": "30c4fcde-29cb-48",
      "StudyTime": "173557",
      "TransmitCoilName": "Body"
    },
