{
  "AcquisitionDuration": 30.727,
  "AcquisitionMatrixPE": 76,
  "AcquisitionNumber": 1,
  "AcquisitionTime": "18:34:10.855000",
  "BandwidthPerPixelPhaseEncode": 40.486,
  "BaseResolution": 102,
  "BodyPartExamined": "BRAIN",
  "CoilCombinationMethod": "Sum of Squares",
  "CoilString": "HeadNeck_64",
  "ConversionSoftware": "dcm2niix",
  "ConversionSoftwareVersion": "v1.0.20220720",
  "DerivedVendorReportedEchoSpacing": 0.000649997,
  "DeviceSerialNumber": "67014",
  "DwellTime": 2.5e-06,
  "EchoTime": 0.035,
  "EchoTrainLength": 28,
  "EffectiveEchoSpacing": 0.000324999,
  "FlipAngle": 64,
  "HeudiconvVersion": "0.12.2",
  "ImageOrientationPatientDICOM": [0.994786, 0.0100614, 0.101482, 0.0194483, 0.95814, -0.285637],
  "ImageType": [
    "ORIGINAL",
    "PRIMARY",
    "FMRI",
    "NONE"
],
  "ImageTypeText": [
    "ORIGINAL",
    "PRIMARY",
    "M",
    "DIS2D"
],
  "ImagingFrequency": 123.248,
  "InPlanePhaseEncodingDirectionDICOM": "ROW",
  "InstitutionAddress": "Rue du Bugnon 21,Lausanne,District,CH,1011",
  "InstitutionName": "CHUV",
  "MRAcquisitionType": "2D",
  "MTState": false,
  "MagneticFieldStrength": 3,
  "Manufacturer": "Siemens",
  "ManufacturersModelName": "MAGNETOM Prisma Fit",
  "MatrixCoilMode": "GRAPPA",
  "Modality": "MR",
  "NonlinearGradientCorrection": true,
  "ParallelAcquisitionTechnique": "GRAPPA",
  "ParallelReductionFactorInPlane": 2,
  "PartialFourier": 0.75,
  "PartialFourierDirection": "PHASE",
  "PatientPosition": "HFS",
  "PercentPhaseFOV": 74.5098,
  "PercentSampling": 100,
  "PhaseEncodingDirection": "i",
  "PhaseResolution": 1,
  "PixelBandwidth": 1961,
  "ProcedureStepDescription": "RESEARCH Oscar",
  "ProtocolName": "fmap-epi_acq-bold_dir-RL__cmrr_me4_sms1",
  "PulseSequenceDetails": "%CustomerSeq%\\cmrr_mbep2d_bold",
  "PulseSequenceName": "epfid2d1_76",
  "ReceiveCoilActiveElements": "HC1-7",
  "ReceiveCoilName": "HeadNeck_64",
  "ReconMatrixPE": 76,
  "RefLinesPE": 18,
  "RepetitionTime": 3.811,
  "ScanOptions": "PFP\\FS",
  "ScanningSequence": "EP",
  "SequenceVariant": "SK\\SS\\OSP",
  "SeriesDescription": "fmap-epi_acq-bold_dir-RL__cmrr_me4_sms1",
  "SeriesNumber": 20,
  "ShimSetting": [8249, -5626, -6026, 664, -13, -206, 39, 26],
  "SliceThickness": 2.2,
  "SliceTiming": [1.895, 0, 1.9575, 0.0625, 2.02, 0.125, 2.085, 0.19, 2.1475, 0.2525, 2.21, 0.315, 2.275, 0.3775, 2.3375, 0.4425, 2.4, 0.505, 2.4625, 0.5675, 2.5275, 0.63, 2.59, 0.695, 2.6525, 0.7575, 2.715, 0.82, 2.78, 0.885, 2.8425, 0.9475, 2.905, 1.01, 2.97, 1.0725, 3.0325, 1.1375, 3.095, 1.2, 3.1575, 1.2625, 3.2225, 1.325, 3.285, 1.39, 3.3475, 1.4525, 3.41, 1.515, 3.475, 1.58, 3.5375, 1.6425, 3.6, 1.705, 3.665, 1.7675, 3.7275, 1.8325],
  "SoftwareVersions": "syngo MR XA30",
  "SpacingBetweenSlices": 2.2,
  "StationName": "LRG10884",
  "TotalReadoutTime": 0.0243749,
  "TxRefAmp": 248.2,
  "WipMemBlock": "35c708d5-3565-490e-b8f1-c76b7399f6f1||Sequence: R017 nxva30a/master r/d34922cc2+; Jun 27 2022 13:20:16 by eja"
}