{
  "AcquisitionMatrixPE": 114,
  "AcquisitionNumber": 1,
  "AcquisitionTime": "17:23:10.170000",
  "BaseResolution": 114,
  "BodyPartExamined": "BRAIN",
  "CoilCombinationMethod": "Adaptive Combine",
  "CoilString": "HeadNeck_64",
  "ConversionSoftware": "dcm2niix",
  "ConversionSoftwareVersion": "v1.0.20220720",
  "DeviceSerialNumber": "67014",
  "DwellTime": 3.6e-06,
  "EchoNumber": 2,
  "EchoTime": 0.00691,
  "EchoTime1": 0.00445,
  "EchoTime2": 0.00691,
  "FlipAngle": 55,
  "HeudiconvVersion": "0.12.2",
  "ImageOrientationPatientDICOM": [0.998648, 0.0477365, -0.0205989, -0.0514631, 0.963939, -0.261101],
  "ImageType": [
    "ORIGINAL",
    "PRIMARY",
    "P",
    "DIS2D",
    "MFSPLIT",
    "PHASE"
],
  "ImageTypeText": [
    "ORIGINAL",
    "PRIMARY",
    "P",
    "NONE"
],
  "ImagingFrequency": 123.248,
  "InPlanePhaseEncodingDirectionDICOM": "COL",
  "InstitutionAddress": "Rue du Bugnon 21,Lausanne,District,CH,1011",
  "InstitutionName": "CHUV",
  "MRAcquisitionType": "2D",
  "MagneticFieldStrength": 3,
  "Manufacturer": "Siemens",
  "ManufacturersModelName": "MAGNETOM Prisma Fit",
  "MatrixCoilMode": "SENSE",
  "Modality": "MR",
  "NonlinearGradientCorrection": true,
  "PartialFourier": 1,
  "PatientPosition": "HFS",
  "PercentPhaseFOV": 100,
  "PercentSampling": 100,
  "PhaseEncodingDirection": "j",
  "PhaseEncodingSteps": 114,
  "PhaseResolution": 1,
  "PixelBandwidth": 1218,
  "ProcedureStepDescription": "RESEARCH Oscar",
  "ProtocolName": "fmap-phasediff__gre",
  "PulseSequenceDetails": "%SiemensSeq%\\gre_field_mapping",
  "ReceiveCoilActiveElements": "HC1-7;NC1",
  "ReceiveCoilName": "HeadNeck_64",
  "ReconMatrixPE": 114,
  "RepetitionTime": 0.324,
  "SAR": 0.125343,
  "ScanOptions": "PER",
  "ScanningSequence": "GR",
  "SequenceName": "*fm2d2r",
  "SequenceVariant": "SK",
  "SeriesDescription": "fmap-phasediff__gre",
  "SeriesNumber": 9,
  "ShimSetting": [8224, -5627, -6025, 692, -92, -222, 0, 47],
  "SliceThickness": 2,
  "SliceTiming": [74.846, 0, 0, 0, 0, 0, 0, 0, 0, 0, 0, 0, 0, 0, 0, 0, 0, 0, 0, 0, 0, 0, 0, 0, 0, 0, 0, 0, 0, 0, 0, 0, 0, 0, 0, 0, 0, 0, 0, 0, 0, 0, 0, 0, 0, 0, 0, 0, 0, 0, 0, 0, 0, 0, 0, 0, 0, 0, 0, 0, 0, 0, 0, 0, 0, 0, 0, 0, 0, 0, 0, 0],
  "SoftwareVersions": "syngo MR XA30",
  "SpacingBetweenSlices": 2,
  "StationName": "LRG10884",
  "TxRefAmp": 254.186,
  "dcmmeta_affine": [
    [-1.9972959756851196, -0.10292620211839676, -0.014999999664723873, 119.63365936279297],
    [-0.09547299891710281, 1.9278780221939087, -0.5230000019073486, -61.35121536254883],
    [-0.041197799146175385, 0.5222020149230957, 1.930999994277954, -87.27682495117188],
    [0.0, 0.0, 0.0, 1.0]
],
  "dcmmeta_reorient_transform": [
    [0.0, -1.0, 0.0, 113.0],
    [1.0, 0.0, 0.0, 0.0],
    [0.0, 0.0, -1.0, 71.0],
    [0.0, 0.0, 0.0, 1.0]
],
  "dcmmeta_shape": [114, 114, 72],
  "dcmmeta_slice_dim": 2,
  "dcmmeta_version": 0.6,
  "global": {
    "const": {
      "AcquisitionMatrix": [114, 0, 0, 114],
      "AcquisitionNumber": 1,
      "AngioFlag": "N",
      "BeatRejectionFlag": "N",
      "BitsAllocated": 16,
      "BitsStored": 12,
      "BodyPartExamined": "BRAIN",
      "BurnedInAnnotation": "NO",
      "CardiacNumberOfImages": 1,
      "Columns": 114,
      "ConfidentialityCode": "N",
      "ContentQualification": "PRODUCT",
      "ContentTime": "172428",
      "EchoTime": 6.91,
      "EchoTrainLength": 0,
      "FlipAngle": 55.0,
      "HighBit": 11,
      "ImageOrientationPatient": [0.998648, 0.0477365, -0.0205989, -0.0514631, 0.963939, -0.261101],
      "ImageType": [
        "ORIGINAL",
        "PRIMARY",
        "P",
        "DIS2D",
        "MFSPLIT"
],
      "ImagedNucleus": "1H",
      "ImagingFrequency": 123.248167,
      "InPlanePhaseEncodingDirection": "COL",
      "InstanceCreationTime": "172310.170000",
      "LargestImagePixelValue": 4095,
      "LossyImageCompression": "00",
      "MRAcquisitionType": "2D",
      "MagneticFieldStrength": 3.0,
      "Manufacturer": "Siemens Healthineers",
      "ManufacturerModelName": "MAGNETOM Prisma Fit",
      "ModalitiesInStudy": [
        "MR",
        "SR"
],
      "Modality": "MR",
      "NumberOfAverages": 1.0,
      "NumberOfPhaseEncodingSteps": 114,
      "NumberOfStudyRelatedInstances": 34240,
      "NumberOfTemporalPositions": 1,
      "PercentPhaseFieldOfView": 100.0,
      "PercentSampling": 100.0,
      "PerformedProcedureStepStartTime": "160505.800000",
      "PhotometricInterpretation": "MONOCHROME2",
      "PixelBandwidth": 1218.0,
      "PixelRepresentation": 0,
      "PixelSpacing": [2.0, 2.0],
      "PresentationLUTShape": "IDENTITY",
      "ProtocolName": "fmap-phasediff__gre",
      "ReceiveCoilName": "HeadNeck_64",
      "RepetitionTime": 324.0,
      "RescaleIntercept": -4096.0,
      "RescaleSlope": 2.0,
      "Rows": 114,
      "SAR": 0.1253426560449,
      "SamplesPerPixel": 1,
      "ScanOptions": "PER",
      "ScanningSequence": "GR",
      "SequenceName": "*fm2d2r",
      "SequenceVariant": "SK",
      "SeriesDescription": "fmap-phasediff__gre",
      "SeriesNumber": 9,
      "SeriesTime": "172312",
      "SliceThickness": 2.0,
      "SmallestImagePixelValue": 0,
      "SoftwareVersions": "syngo MR XA30",
      "SpacingBetweenSlices": 2.0,
      "SpecificCharacterSet": "ISO_IR 100",
      "StudyID": "810ddffb-855e-46",
      "StudyTime": "160505",
      "TransmitCoilName": "Body"
    },
